PATH
  remote: .
  specs:
    arithmetic (0.1.4)

GEM
  remote: https://rubygems.org/
  specs:
    diff-lcs (1.1.3)
    rake (10.4.2)
    rspec (2.11.0)
      rspec-core (~> 2.11.0)
      rspec-expectations (~> 2.11.0)
      rspec-mocks (~> 2.11.0)
    rspec-core (2.11.1)
    rspec-expectations (2.11.3)
      diff-lcs (~> 1.1.3)
    rspec-mocks (2.11.3)

PLATFORMS
  ruby

DEPENDENCIES
  arithmetic!
  rake
  rspec

BUNDLED WITH
   2.0.1
